PATH
  remote: .
  specs:
    showdown (0.1.0)
      base64 (~> 0.1)
      commonmarker (~> 0.23)
      front_matter_parser (~> 1.0)
      mini_magick (~> 4.12)
      nokogiri (~> 1.15)
      prawn (~> 2.4)
      prawn-svg (~> 0.32)
      prawn-table (~> 0.2)
      rouge (~> 4.0)
      thor (~> 1.0)

GEM
  remote: https://rubygems.org/
  specs:
    addressable (2.8.7)
      public_suffix (>= 2.0.2, < 7.0)
    base64 (0.3.0)
    bigdecimal (3.2.2)
    commonmarker (0.23.11)
    css_parser (1.21.1)
      addressable
    diff-lcs (1.6.2)
    front_matter_parser (1.0.1)
    matrix (0.4.3)
    mini_magick (4.13.2)
    mini_portile2 (2.8.9)
    nokogiri (1.18.9)
      mini_portile2 (~> 2.8.2)
      racc (~> 1.4)
    nokogiri (1.18.9-arm64-darwin)
      racc (~> 1.4)
    pdf-core (0.10.0)
    prawn (2.5.0)
      matrix (~> 0.4)
      pdf-core (~> 0.10.0)
      ttfunk (~> 1.8)
    prawn-svg (0.37.0)
      css_parser (~> 1.6)
      matrix (~> 0.4.2)
      prawn (>= 0.11.1, < 3)
      rexml (>= 3.3.9, < 4)
    prawn-table (0.2.2)
      prawn (>= 1.3.0, < 3.0.0)
    public_suffix (6.0.2)
    racc (1.8.1)
    rake (13.3.0)
    rexml (3.4.1)
    rouge (4.6.0)
    rspec (3.13.1)
      rspec-core (~> 3.13.0)
      rspec-expectations (~> 3.13.0)
      rspec-mocks (~> 3.13.0)
    rspec-core (3.13.5)
      rspec-support (~> 3.13.0)
    rspec-expectations (3.13.5)
      diff-lcs (>= 1.2.0, < 2.0)
      rspec-support (~> 3.13.0)
    rspec-mocks (3.13.5)
      diff-lcs (>= 1.2.0, < 2.0)
      rspec-support (~> 3.13.0)
    rspec-support (3.13.4)
    thor (1.4.0)
    ttfunk (1.8.0)
      bigdecimal (~> 3.1)

PLATFORMS
  arm64-darwin-24
  ruby

DEPENDENCIES
  bundler (>= 1.17)
  rake (~> 13.0)
  rspec (~> 3.0)
  showdown!

BUNDLED WITH
   2.5.7
